NUGET
  remote: https://nuget.org/api/v2
  specs:
    FSharp.Compiler.Tools (3.1.2.2)
    IntelliFactory.Xml (0.6.63.95)
    WebSharper (3.6.2.220)
    WebSharper.Html (3.6.2.12)
      IntelliFactory.Xml
      WebSharper (>= 3.6.2.220)
